PATH
  remote: .
  specs:
    org2slides (0.4.0)
      nokogiri

GEM
  remote: http://rubygems.org/
  specs:
    activesupport (3.2.8)
      i18n (~> 0.6)
      multi_json (~> 1.0)
    i18n (0.6.1)
    mini_portile (0.6.2)
    minitest (4.0.0)
    multi_json (1.3.6)
    nokogiri (1.6.6.2)
      mini_portile (~> 0.6.0)
    nokogiri (1.6.6.2-java)
    org-ruby (0.9.12)
      rubypants (~> 0.2)
    rubypants (0.2.0)
    shoulda (3.1.1)
      shoulda-context (~> 1.0)
      shoulda-matchers (~> 1.2)
    shoulda-context (1.0.0)
    shoulda-matchers (1.3.0)
      activesupport (>= 3.0.0)

PLATFORMS
  java
  ruby

DEPENDENCIES
  minitest
  org-ruby
  org2slides!
  shoulda
  shoulda-context
